PATH
  remote: .
  specs:
    resurfaceio-logger (2.0.2)

GEM
  remote: https://rubygems.org/
  specs:
    diff-lcs (1.3)
    rack (2.2.2)
    rake (13.0.1)
    rspec (3.9.0)
      rspec-core (~> 3.9.0)
      rspec-expectations (~> 3.9.0)
      rspec-mocks (~> 3.9.0)
    rspec-core (3.9.1)
      rspec-support (~> 3.9.1)
    rspec-expectations (3.9.1)
      diff-lcs (>= 1.2.0, < 2.0)
      rspec-support (~> 3.9.0)
    rspec-mocks (3.9.1)
      diff-lcs (>= 1.2.0, < 2.0)
      rspec-support (~> 3.9.0)
    rspec-support (3.9.2)

PLATFORMS
  ruby

DEPENDENCIES
  bundler (~> 1.17)
  rack (~> 2.2)
  rake (~> 13.0)
  resurfaceio-logger!
  rspec (~> 3.9)

BUNDLED WITH
   1.17.2
