PATH
  remote: .
  specs:
    resurfaceio-logger (1.7.13)

GEM
  remote: https://rubygems.org/
  specs:
    diff-lcs (1.3)
    rack (1.6.8)
    rake (10.5.0)
    rspec (3.6.0)
      rspec-core (~> 3.6.0)
      rspec-expectations (~> 3.6.0)
      rspec-mocks (~> 3.6.0)
    rspec-core (3.6.0)
      rspec-support (~> 3.6.0)
    rspec-expectations (3.6.0)
      diff-lcs (>= 1.2.0, < 2.0)
      rspec-support (~> 3.6.0)
    rspec-mocks (3.6.0)
      diff-lcs (>= 1.2.0, < 2.0)
      rspec-support (~> 3.6.0)
    rspec-support (3.6.0)

PLATFORMS
  ruby

DEPENDENCIES
  bundler (~> 1.11)
  rack (~> 1.6)
  rake (~> 10.0)
  resurfaceio-logger!
  rspec (~> 3.0)

BUNDLED WITH
   1.14.6
